GEM
  remote: http://plcoapp/
  specs:
    json (1.6.1)
    mime-types (1.17.2)
    rest-client (1.6.7)
      mime-types (>= 1.16)

PLATFORMS
  ruby

DEPENDENCIES
  json
  rest-client
